PATH
  remote: ../core
  specs:
    core (1.0.0)

PATH
  remote: ../expirable
  specs:
    expirable (1.0.0)

PATH
  remote: .
  specs:
    in_memory (1.0.0)
      dry-monads (~> 1.0)

GEM
  remote: https://rubygems.org/
  specs:
    byebug (11.1.3)
    coderay (1.1.3)
    concurrent-ruby (1.1.7)
    dry-core (0.4.9)
      concurrent-ruby (~> 1.0)
    dry-equalizer (0.3.0)
    dry-monads (1.3.5)
      concurrent-ruby (~> 1.0)
      dry-core (~> 0.4, >= 0.4.4)
      dry-equalizer
    method_source (1.0.0)
    minitest (5.14.2)
    minitest-proveit (1.0.0)
      minitest (> 5, < 7)
    pry (0.13.1)
      coderay (~> 1.1)
      method_source (~> 1.0)
    pry-byebug (3.9.0)
      byebug (~> 11.0)
      pry (~> 0.13.0)
    zeitwerk (2.4.0)

PLATFORMS
  ruby

DEPENDENCIES
  core!
  expirable!
  in_memory!
  minitest (~> 5.0)
  minitest-proveit
  pry-byebug
  zeitwerk (~> 2.4)

BUNDLED WITH
   2.1.4
