PATH
  remote: ../expirable
  specs:
    expirable (1.0.0)

PATH
  remote: .
  specs:
    core (1.0.0)

GEM
  remote: https://rubygems.org/
  specs:
    byebug (11.1.3)
    coderay (1.1.3)
    method_source (1.0.0)
    minitest (5.14.2)
    minitest-proveit (1.0.0)
      minitest (> 5, < 7)
    pry (0.13.1)
      coderay (~> 1.1)
      method_source (~> 1.0)
    pry-byebug (3.9.0)
      byebug (~> 11.0)
      pry (~> 0.13.0)
    zeitwerk (2.4.0)

PLATFORMS
  ruby

DEPENDENCIES
  core!
  expirable!
  minitest (~> 5.0)
  minitest-proveit
  pry-byebug
  zeitwerk (~> 2.4)

BUNDLED WITH
   2.1.4
